GEM
  remote: https://rubygems.org/
  specs:
    activesupport (7.0.3)
      concurrent-ruby (~> 1.0, >= 1.0.2)
      i18n (>= 1.6, < 2)
      minitest (>= 5.1)
      tzinfo (~> 2.0)
    claide (0.9.1)
    cocoapods (0.38.2)
      activesupport (>= 3.2.15)
      claide (~> 0.9.1)
      cocoapods-core (= 0.38.2)
      cocoapods-downloader (~> 0.9.1)
      cocoapods-plugins (~> 0.4.2)
      cocoapods-stats (~> 0.5.3)
      cocoapods-trunk (~> 0.6.1)
      cocoapods-try (~> 0.4.5)
      colored (~> 1.2)
      escape (~> 0.0.4)
      molinillo (~> 0.3.1)
      nap (~> 0.8)
      xcodeproj (~> 0.26.3)
    cocoapods-core (0.38.2)
      activesupport (>= 3.2.15)
      fuzzy_match (~> 2.0.4)
      nap (~> 0.8.0)
    cocoapods-downloader (0.9.3)
    cocoapods-plugins (0.4.2)
      nap
    cocoapods-stats (0.5.3)
      nap (~> 0.8)
    cocoapods-trunk (0.6.4)
      nap (>= 0.8, < 2.0)
      netrc (= 0.7.8)
    cocoapods-try (0.4.5)
    colored (1.2)
    concurrent-ruby (1.1.10)
    erubis (2.7.0)
    escape (0.0.4)
    fuzzy_match (2.0.4)
    i18n (1.10.0)
      concurrent-ruby (~> 1.0)
    minitest (5.16.0)
    molinillo (0.3.1)
    nap (0.8.0)
    netrc (0.7.8)
    tzinfo (2.0.4)
      concurrent-ruby (~> 1.0)
    xcodeproj (0.26.3)
      activesupport (>= 3)
      claide (~> 0.9.1)
      colored (~> 1.2)

PLATFORMS
  ruby

DEPENDENCIES
  cocoapods (= 0.38.2)
  erubis (~> 2.7.0)
